GEM
  remote: https://rubygems.org/
  specs:
    bigdecimal (3.1.9)
    colorize (1.1.0)
    dotenv (2.8.1)
    httparty (0.21.0)
      mini_mime (>= 1.0.0)
      multi_xml (>= 0.5.2)
    mini_mime (1.1.5)
    multi_xml (0.7.1)
      bigdecimal (~> 3.1)
    optparse (0.3.1)

PLATFORMS
  arm64-darwin-24
  ruby

DEPENDENCIES
  colorize (~> 1.1)
  dotenv (~> 2.8.1)
  httparty (~> 0.21.0)
  optparse (~> 0.3.1)

BUNDLED WITH
   2.6.3
